GEM
  remote: https://rubygems.org/
  specs:
    hanami-controller (0.8.1)
      hanami-utils (~> 0.9)
      rack (~> 1.6, >= 1.6.2)
    hanami-router (0.8.1)
      hanami-utils (~> 0.9, >= 0.9.1)
      http_router (~> 0.11)
      rack (~> 1.6)
    hanami-utils (0.9.2)
    http_router (0.11.2)
      rack (>= 1.0.0)
      url_mount (~> 0.2.1)
    pg (0.20.0)
    rack (1.6.5)
    rack-console (1.3.1)
      rack (>= 1.1)
      rack-test
    rack-test (0.6.3)
      rack (>= 1.0)
    sequel (4.44.0)
    url_mount (0.2.1)
      rack

PLATFORMS
  ruby

DEPENDENCIES
  hanami-controller
  hanami-router
  pg
  rack-console
  sequel

BUNDLED WITH
   1.13.6
